GEM
  remote: http://rubygems.org/
  specs:
    abstract (1.0.0)
    activerecord (2.3.9)
      activesupport (= 2.3.9)
    activesupport (2.3.9)
    addressable (2.2.1)
    bcrypt-ruby (2.1.2)
    builder (2.1.2)
    data_objects (0.10.2)
      addressable (~> 2.1)
    dm-aggregates (0.10.2)
      dm-core (~> 0.10.2)
    dm-core (0.10.2)
      addressable (~> 2.1)
      extlib (~> 0.9.14)
    dm-migrations (0.10.2)
      dm-core (~> 0.10.2)
    dm-types (0.10.2)
      bcrypt-ruby (~> 2.1.2)
      dm-core (~> 0.10.2)
      fastercsv (~> 1.5.0)
      json_pure (~> 1.2.0)
      stringex (~> 1.1.0)
      uuidtools (~> 2.1.1)
    dm-validations (0.10.2)
      dm-core (~> 0.10.2)
    do_sqlite3 (0.10.2)
      data_objects (= 0.10.2)
    erubis (2.6.6)
      abstract (>= 1.0.0)
    extlib (0.9.15)
    fastercsv (1.5.3)
    json (1.4.6)
    json_pure (1.2.4)
    merb-assets (1.1.3)
      merb-core (~> 1.1.3)
    merb-core (1.1.3)
      bundler
      erubis (>= 2.6.2)
      extlib (>= 0.9.13)
      mime-types (>= 1.16)
      rack
      rake
    merb-helpers (1.1.3)
      merb-core (~> 1.1.3)
    merb-slices (1.1.3)
      merb-core (~> 1.1.3)
    mime-types (1.16)
    nokogiri (1.4.3.1)
    rack (1.2.1)
    rack-test (0.5.4)
      rack (>= 1.0)
    rake (0.8.7)
    rspec (1.3.0)
    sequel (3.6.0)
    sqlite3-ruby (1.3.1)
    stringex (1.1.0)
    uuidtools (2.1.1)
    webrat (0.7.1)
      nokogiri (>= 1.2.0)
      rack (>= 1.0)
      rack-test (>= 0.5.3)

PLATFORMS
  ruby

DEPENDENCIES
  activerecord (~> 2.3)
  builder
  data_objects (~> 0.10)
  dm-aggregates (~> 0.10)
  dm-core (~> 0.10)
  dm-migrations (~> 0.10)
  dm-types (~> 0.10)
  dm-validations (~> 0.10)
  do_sqlite3 (~> 0.10)
  json
  merb-assets (~> 1.1)
  merb-helpers (~> 1.1)
  merb-slices (~> 1.1)
  rspec
  sequel (~> 3.6.0)
  sqlite3-ruby
  webrat
